GIT
  remote: git://github.com/ncouturier/refinerycms-portfolio.git
  revision: c3a594aa5e227485877e8ea04dc010b776aaac83
  specs:
    refinerycms-portfolio (0.9.10)
      refinerycms (>= 0.9.9)

PATH
  remote: vendor/engines
  specs:
    refinerycms-events (1.0)
    refinerycms-news_items (1.0)
    refinerycms-sections (1.0)

GEM
  remote: http://rubygems.org/
  specs:
    abstract (1.0.0)
    actionmailer (3.0.10)
      actionpack (= 3.0.10)
      mail (~> 2.2.19)
    actionpack (3.0.10)
      activemodel (= 3.0.10)
      activesupport (= 3.0.10)
      builder (~> 2.1.2)
      erubis (~> 2.6.6)
      i18n (~> 0.5.0)
      rack (~> 1.2.1)
      rack-mount (~> 0.6.14)
      rack-test (~> 0.5.7)
      tzinfo (~> 0.3.23)
    activemodel (3.0.10)
      activesupport (= 3.0.10)
      builder (~> 2.1.2)
      i18n (~> 0.5.0)
    activerecord (3.0.10)
      activemodel (= 3.0.10)
      activesupport (= 3.0.10)
      arel (~> 2.0.10)
      tzinfo (~> 0.3.23)
    activeresource (3.0.10)
      activemodel (= 3.0.10)
      activesupport (= 3.0.10)
    activesupport (3.0.10)
    acts_as_indexed (0.7.3)
    airbrake (3.0.4)
      activesupport
      builder
    arel (2.0.10)
    awesome_nested_set (2.0.1)
      activerecord (>= 3.0.0)
    babosa (0.3.5)
    bcrypt-ruby (2.1.4)
    bcrypt-ruby (2.1.4-x86-mingw32)
    builder (2.1.2)
    capistrano (2.9.0)
      highline
      net-scp (>= 1.0.0)
      net-sftp (>= 2.0.0)
      net-ssh (>= 2.0.14)
      net-ssh-gateway (>= 1.1.0)
    chunky_png (1.2.1)
    coderay (1.0.0)
    compass (0.11.5)
      chunky_png (~> 1.2)
      fssm (>= 0.2.7)
      sass (~> 3.1)
    devise (1.3.4)
      bcrypt-ruby (~> 2.1.2)
      orm_adapter (~> 0.0.3)
      warden (~> 1.0.3)
    dragonfly (0.9.5)
      rack
    erubis (2.6.6)
      abstract (>= 1.0.0)
    friendly_id_globalize3 (3.2.1.4)
      babosa (~> 0.3.0)
    fssm (0.2.7)
    globalize3 (0.1.0)
      activemodel (>= 3.0.0)
      activerecord (>= 3.0.0)
    googlestaticmap (1.1.0)
    growl (1.0.3)
    guard (0.6.2)
      thor (~> 0.14.6)
    guard-bundler (0.1.3)
      bundler (>= 1.0.0)
      guard (>= 0.2.2)
    guard-pow (0.1.0)
      guard (>= 0.3.0)
    guard-sass (0.2.4)
      guard (>= 0.2.1)
      sass (>= 3.1)
    highline (1.6.2)
    i18n (0.5.0)
    jquery-rails (1.0.17)
      railties (~> 3.0)
      thor (~> 0.14)
    mail (2.2.19)
      activesupport (>= 2.3.6)
      i18n (>= 0.4.0)
      mime-types (~> 1.16)
      treetop (~> 1.4.8)
    method_source (0.6.5)
      ruby_parser (>= 2.0.5)
    mime-types (1.16)
    mysql2 (0.2.7)
    net-scp (1.0.4)
      net-ssh (>= 1.99.1)
    net-sftp (2.0.5)
      net-ssh (>= 2.0.9)
    net-ssh (2.2.1)
    net-ssh-gateway (1.1.0)
      net-ssh (>= 1.99.1)
    nokogiri (1.5.0)
    nokogiri (1.5.0-x86-mingw32)
    orm_adapter (0.0.5)
    polyglot (0.3.2)
    pry (0.9.6)
      coderay (>= 0.9.8)
      method_source (>= 0.6.5)
      ruby_parser (>= 2.0.5)
      slop (~> 2.1.0)
    pry (0.9.6-x86-mingw32)
      coderay (>= 0.9.8)
      method_source (>= 0.6.5)
      ruby_parser (>= 2.0.5)
      slop (~> 2.1.0)
      win32console (>= 1.3.0)
    rack (1.2.3)
    rack-cache (1.0.3)
      rack (>= 0.4)
    rack-mount (0.6.14)
      rack (>= 1.0.0)
    rack-pjax (0.5.3)
      nokogiri (~> 1.5.0)
      rack (> 1.0)
    rack-test (0.5.7)
      rack (>= 1.0)
    rails (3.0.10)
      actionmailer (= 3.0.10)
      actionpack (= 3.0.10)
      activerecord (= 3.0.10)
      activeresource (= 3.0.10)
      activesupport (= 3.0.10)
      bundler (~> 1.0)
      railties (= 3.0.10)
    railties (3.0.10)
      actionpack (= 3.0.10)
      activesupport (= 3.0.10)
      rake (>= 0.8.7)
      rdoc (~> 3.4)
      thor (~> 0.14.4)
    rake (0.9.2)
    rb-fsevent (0.4.3)
    rdoc (3.9.4)
    refinerycms (1.0.4)
      bundler (~> 1.0)
      refinerycms-authentication (= 1.0.4)
      refinerycms-base (= 1.0.4)
      refinerycms-core (= 1.0.4)
      refinerycms-dashboard (= 1.0.4)
      refinerycms-images (= 1.0.4)
      refinerycms-pages (= 1.0.4)
      refinerycms-resources (= 1.0.4)
      refinerycms-settings (= 1.0.4)
    refinerycms-authentication (1.0.4)
      devise (~> 1.3.0)
      friendly_id_globalize3 (~> 3.2.1)
      refinerycms-core (= 1.0.4)
    refinerycms-base (1.0.4)
    refinerycms-core (1.0.4)
      acts_as_indexed (~> 0.7)
      awesome_nested_set (~> 2.0)
      friendly_id_globalize3 (~> 3.2.1)
      globalize3 (~> 0.1)
      rails (~> 3.0.9)
      refinerycms-base (= 1.0.4)
      refinerycms-generators (~> 1.0)
      refinerycms-settings (= 1.0.4)
      truncate_html (~> 0.5)
      will_paginate (= 3.0.pre2)
    refinerycms-dashboard (1.0.4)
      refinerycms-core (= 1.0.4)
    refinerycms-generators (1.0.3)
    refinerycms-i18n (1.0.0)
      refinerycms-core (>= 0.9.9.12)
      routing-filter (>= 0.2.3)
    refinerycms-images (1.0.4)
      dragonfly (~> 0.9.0)
      rack-cache (>= 0.5.3)
      refinerycms-core (= 1.0.4)
    refinerycms-page-images (1.0.4)
      refinerycms-pages (>= 0.9.9.1)
    refinerycms-pages (1.0.4)
      awesome_nested_set (~> 2.0)
      friendly_id_globalize3 (~> 3.2.1)
      globalize3 (~> 0.1)
      refinerycms-core (= 1.0.4)
      seo_meta (~> 1.1)
    refinerycms-resources (1.0.4)
      dragonfly (~> 0.9.0)
      rack-cache (>= 0.5.3)
      refinerycms-core (= 1.0.4)
    refinerycms-settings (1.0.4)
      refinerycms-base (= 1.0.4)
    routing-filter (0.2.4)
      actionpack
    ruby_parser (2.3.1)
      sexp_processor (~> 3.0)
    sass (3.1.7)
    seo_meta (1.1.1)
      refinerycms-generators (~> 1.0.1)
    sexp_processor (3.0.7)
    slop (2.1.0)
    sqlite3 (1.3.4)
    sqlite3 (1.3.4-x86-mingw32)
    thor (0.14.6)
    treetop (1.4.10)
      polyglot
      polyglot (>= 0.3.1)
    truncate_html (0.5.1)
    tzinfo (0.3.29)
    warden (1.0.5)
      rack (>= 1.0)
    will_paginate (3.0.pre2)
    win32console (1.3.0-x86-mingw32)

PLATFORMS
  ruby
  x86-mingw32

DEPENDENCIES
  airbrake
  capistrano
  compass (>= 0.11.5)
  googlestaticmap
  growl
  guard
  guard-bundler
  guard-pow
  guard-sass
  jquery-rails
  mysql2 (~> 0.2.7)
  pry
  rack-pjax
  rb-fsevent
  refinerycms (~> 1.0.4)
  refinerycms-events (= 1.0)!
  refinerycms-i18n (~> 1.0.0)
  refinerycms-news_items (= 1.0)!
  refinerycms-page-images (~> 1.0)
  refinerycms-portfolio!
  refinerycms-sections (= 1.0)!
  sqlite3
